GEM
  specs:
    minitest (4.7.5)

PLATFORMS
  ruby

DEPENDENCIES
  minitest
